GEM
  remote: https://rubygems.org/
  specs:
    addressable (2.3.8)
    fastimage (1.9.0)
      addressable (~> 2.3.5)
    powerpoint (1.8)
      fastimage (~> 1)
      rubyzip (~> 1)
    rubyzip (1.2.2)

PLATFORMS
  ruby

DEPENDENCIES
  powerpoint

BUNDLED WITH
   1.16.6
